PATH
  remote: .
  specs:
    handsome_fencer-circle_c_i (0.1.38)
      rake
      sshkit
      thor (= 0.20.0)

GEM
  remote: https://rubygems.org/
  specs:
    net-scp (1.2.1)
      net-ssh (>= 2.6.5)
    net-ssh (5.0.2)
    rake (12.3.1)
    sshkit (1.17.0)
      net-scp (>= 1.1.2)
      net-ssh (>= 2.8.0)
    thor (0.20.0)

PLATFORMS
  ruby

DEPENDENCIES
  handsome_fencer-circle_c_i!

BUNDLED WITH
   1.17.1
